GEM
  remote: https://rubygems.org/
  specs:
    ffi (1.9.18)
    listen (3.1.5)
      rb-fsevent (~> 0.9, >= 0.9.4)
      rb-inotify (~> 0.9, >= 0.9.7)
      ruby_dep (~> 1.2)
    rack (2.0.3)
    rake (12.0.0)
    rb-fsevent (0.10.2)
    rb-inotify (0.9.10)
      ffi (>= 0.5.0, < 2)
    rerun (0.11.0)
      listen (~> 3.0)
    ruby_dep (1.5.0)

PLATFORMS
  ruby

DEPENDENCIES
  rack
  rake (~> 12.0)
  rerun (~> 0.11)

BUNDLED WITH
   1.15.1
